PATH
  remote: .
  specs:
    bamboo_plants (0.1.0)
      nokogiri

GEM
  remote: https://rubygems.org/
  specs:
    coderay (1.1.2)
    colorize (0.8.1)
    method_source (0.9.2)
    mini_portile2 (2.4.0)
    nokogiri (1.10.5)
      mini_portile2 (~> 2.4.0)
    pry (0.12.2)
      coderay (~> 1.1.0)
      method_source (~> 0.9.0)
    rake (13.0.1)

PLATFORMS
  ruby

DEPENDENCIES
  bamboo_plants!
  bundler (~> 2.0)
  colorize
  nokogiri
  pry
  rake (~> 13.0)

BUNDLED WITH
   2.0.1
